GEM
  remote: https://rubygems.org/
  specs:
    highline (1.6.18)
    httparty (0.11.0)
      multi_json (~> 1.0)
      multi_xml (>= 0.5.2)
    multi_json (1.7.3)
    multi_xml (0.5.3)

PLATFORMS
  ruby

DEPENDENCIES
  highline
  httparty
