GEM
  remote: http://rubygems.org/
  specs:
    addressable (2.3.8)
    columnize (0.9.0)
    crack (0.4.2)
      safe_yaml (~> 1.0.0)
    debugger (1.6.8)
      columnize (>= 0.3.1)
      debugger-linecache (~> 1.2.0)
      debugger-ruby_core_source (~> 1.3.5)
    debugger-linecache (1.2.0)
    debugger-ruby_core_source (1.3.8)
    facter (1.7.6)
    ffi (1.9.8)
    gssapi (1.2.0)
      ffi (>= 1.0.1)
    highline (1.6.21)
    http (0.8.3)
      addressable (~> 2.3)
      http-form_data (~> 1.0.1)
      http_parser.rb (~> 0.6.0)
    http-form_data (1.0.1)
    http_parser.rb (0.6.0)
    httparty (0.11.0)
      multi_json (~> 1.0)
      multi_xml (>= 0.5.2)
    json (1.7.7)
    mime-types (1.25.1)
    minitest (5.6.0)
    minitest-stub_any_instance (1.0.1)
    multi_json (1.11.0)
    multi_xml (0.5.5)
    rdoc (4.2.0)
      json (~> 1.4)
    rest-client (1.6.8)
      mime-types (~> 1.16)
      rdoc (>= 2.4.2)
    safe_yaml (1.0.4)
    webmock (1.21.0)
      addressable (>= 2.3.6)
      crack (>= 0.3.2)

PLATFORMS
  ruby

DEPENDENCIES
  addressable (~> 2.3.5)
  debugger
  facter (~> 1.7.3)
  gssapi
  highline (~> 1.6.19)
  http
  httparty (~> 0.11.0)
  json (~> 1.7.7)
  minitest
  minitest-stub_any_instance
  rest-client (~> 1.6.7)
  webmock (~> 1.21.0)
